GEM
  remote: https://rubygems.org/
  specs:
    builder (3.2.2)
    childprocess (2.0.0)
      rake (< 13.0)
    cucumber (1.3.19)
      builder (>= 2.1.2)
      diff-lcs (>= 1.1.3)
      gherkin (~> 2.12)
      multi_json (>= 1.7.5, < 2.0)
      multi_test (>= 0.1.2)
    data_magic (0.20)
      faker (>= 1.1.2)
      yml_reader (>= 0.4)
    diff-lcs (1.2.5)
    faker (1.4.3)
      i18n (~> 0.5)
    gherkin (2.12.2)
      multi_json (~> 1.3)
    i18n (0.7.0)
    multi_json (1.13.1)
    multi_test (0.1.2)
    page-object (1.0.3)
      page_navigation (>= 0.9)
      selenium-webdriver (>= 2.44.0)
      watir-webdriver (>= 0.6.11)
    page_navigation (0.9)
      data_magic (>= 0.14)
    rake (12.3.3)
    rubyzip (2.0.0)
    selenium-webdriver (3.142.5)
      childprocess (>= 0.5, < 3.0)
      rubyzip (>= 1.2.2)
    watir-webdriver (0.7.0)
      selenium-webdriver (>= 2.45)
    yml_reader (0.5)

PLATFORMS
  ruby

DEPENDENCIES
  cucumber
  page-object
